GEM
  remote: https://rubygems.org/
  s