GEM
  remote: https://rubygems.org/
  specs:
    activemodel (6.1.0)
      activesuppor